PATH
  remote: .
  specs:
    share_checker (0.1.6)
      activesupport
      curb
      multi_json
      multi_xml
      nokogiri

GEM
  remote: http://rubygems.org/
  specs:
    activesupport (3.1.0)
      multi_json (~> 1.0)
    crack (0.3.1)
    curb (0.7.15)
    diff-lcs (1.1.3)
    i18n (0.6.0)
    multi_json (1.0.3)
    multi_xml (0.4.1)
    nokogiri (1.5.0)
    rspec (2.6.0)
      rspec-core (~> 2.6.0)
      rspec-expectations (~> 2.6.0)
      rspec-mocks (~> 2.6.0)
    rspec-core (2.6.4)
    rspec-expectations (2.6.0)
      diff-lcs (~> 1.1.2)
    rspec-mocks (2.6.0)

PLATFORMS
  ruby

DEPENDENCIES
  activesupport
  crack
  curb
  i18n
  nokogiri
  rspec (~> 2.6.0)
  share_checker!
